FRAMEWORK: >= NET45
NUGET
  remote: https://www.nuget.org/api/v2
  specs:
    FAKE (4.17.1)
    FSharp.Actor-logary (3.6.1)
      FSharp.Core (>= 3.1.2.5)
    FSharp.Core (4.0.0.1)
    Logary (3.6.1)
      FSharp.Actor-logary (>= 3.6.1)
      FSharp.Core (>= 3.1.2.5)
      Newtonsoft.Json (>= 7.0.1)
      Newtonsoft.Json.FSharp (>= 3.2.2)
      NodaTime (>= 1.3.1)
      NodaTime.Serialization.JsonNet (>= 1.3.1)
    Logary.Adapters.Suave (3.6.0)
      FSharp.Core (>= 3.1.2.5)
      Logary (>= 3.6.0)
      NodaTime (>= 1.3.1)
      Suave (>= 0.33.0)
    Newtonsoft.Json (8.0.2)
    Newtonsoft.Json.FSharp (3.2.2)
      FSharp.Core (>= 3.1.2.1)
      Newtonsoft.Json (>= 6.0.8)
      NodaTime (>= 1.3.0)
    NodaTime (1.3.1)
    NodaTime.Serialization.JsonNet (1.3.1)
      Newtonsoft.Json (>= 4.5.11)
      NodaTime (>= 1.3.0)
    ServiceStack.Common (4.0.52)
      ServiceStack.Interfaces (>= 4.0.52)
      ServiceStack.Text (>= 4.0.52)
    ServiceStack.Interfaces (4.0.52)
    ServiceStack.Redis (4.0.52)
      ServiceStack.Common (>= 4.0.52)
    ServiceStack.Text (4.0.52)
    Suave (1.0.0)
      FSharp.Core (>= 3.1.2.5)
    Unquote (3.1.1)
    xunit (2.1.0)
      xunit.assert (2.1.0)
      xunit.core (2.1.0)
    xunit.abstractions (2.0.0)
    xunit.assert (2.1.0)
    xunit.core (2.1.0)
      xunit.extensibility.core (2.1.0)
      xunit.extensibility.execution (2.1.0)
    xunit.extensibility.core (2.1.0)
      xunit.abstractions (2.0.0)
    xunit.extensibility.execution (2.1.0)
      xunit.extensibility.core (2.1.0)
    xunit.runner.console (2.1.0)
    xunit.runners (2.0.0)
